PATH
  remote: .
  specs:
    foreigner-matcher (0.1.1)
      foreigner (~> 0.9.1)

GEM
  remote: http://rubygems.org/
  specs:
    activemodel (3.0.8)
      activesupport (= 3.0.8)
      builder (~> 2.1.2)
      i18n (~> 0.5.0)
    activerecord (3.0.8)
      activemodel (= 3.0.8)
      activesupport (= 3.0.8)
      arel (~> 2.0.10)
      tzinfo (~> 0.3.23)
    activesupport (3.0.8)
    arel (2.0.10)
    builder (2.1.2)
    diff-lcs (1.1.2)
    foreigner (0.9.2)
    i18n (0.5.0)
    kramdown (0.13.3)
    mysql (2.8.1)
    mysql2 (0.2.10)
    rspec (2.6.0)
      rspec-core (~> 2.6.0)
      rspec-expectations (~> 2.6.0)
      rspec-mocks (~> 2.6.0)
    rspec-core (2.6.4)
    rspec-expectations (2.6.0)
      diff-lcs (~> 1.1.2)
    rspec-mocks (2.6.0)
    tzinfo (0.3.28)

PLATFORMS
  ruby

DEPENDENCIES
  activerecord (~> 3.0.0)
  foreigner-matcher!
  kramdown (~> 0.13.2)
  mysql (~> 2.8.1)
  mysql2 (~> 0.2.7)
  rspec (~> 2.6.0)
